GIT
  remote: https://github.com/NYPL/lionactor
  revision: 0e919f4de5e0a98a718cb93524114a9d1473c4e1
  tag: 0.0.14
  specs:
    lionactor (0.0.13)
      faraday

GEM
  remote: https://rubygems.org/
  specs:
    daemons (1.2.2)
    diff-lcs (1.2.5)
    eventmachine (1.0.7)
    faraday (0.14.0)
      multipart-post (>= 1.2, < 3)
    json (2.1.0)
    kgio (2.9.3)
    multi_json (1.11.0)
    multipart-post (2.0.0)
    rack (1.6.11)
    rack-protection (1.5.5)
      rack
    rack-test (0.6.3)
      rack (>= 1.0)
    raindrops (0.13.0)
    rspec (3.2.0)
      rspec-core (~> 3.2.0)
      rspec-expectations (~> 3.2.0)
      rspec-mocks (~> 3.2.0)
    rspec-core (3.2.2)
      rspec-support (~> 3.2.0)
    rspec-expectations (3.2.0)
      diff-lcs (>= 1.2.0, < 2.0)
      rspec-support (~> 3.2.0)
    rspec-mocks (3.2.1)
      diff-lcs (>= 1.2.0, < 2.0)
      rspec-support (~> 3.2.0)
    rspec-support (3.2.2)
    sinatra (1.4.5)
      rack (~> 1.4)
      rack-protection (~> 1.4)
      tilt (~> 1.3, >= 1.3.4)
    sinatra-jsonp (0.4.4)
      multi_json (~> 1.8)
      sinatra (~> 1.0)
    thin (1.6.3)
      daemons (~> 1.0, >= 1.0.9)
      eventmachine (~> 1.0)
      rack (~> 1.0)
    tilt (1.4.1)
    unicorn (4.8.3)
      kgio (~> 2.6)
      rack
      raindrops (~> 0.7)

PLATFORMS
  ruby
  x86-mingw32

DEPENDENCIES
  json
  kgio
  lionactor!
  rack (< 1.7)
  rack-test
  rspec
  sinatra
  sinatra-jsonp
  thin
  unicorn

BUNDLED WITH
   1.15.4
