GEM
  remote: https://rubygems.org/
  specs:
    rack (1.1.0)
    rack-try_static (0.1.1)
      rack (= 1.1.0)

PLATFORMS
  ruby

DEPENDENCIES
  rack (= 1.1.0)
  rack-try_static
