GIT
  remote: https://bitbucket.org/rdmond/lionactor
  revision: b416695216689e0ffa2d650f4b7bbaae0225f0e2
  tag: 0.0.3
  specs:
    lionactor (0.0.3)
      faraday

GEM
  remote: https://rubygems.org/
  specs:
    faraday (0.9.0)
      multipart-post (>= 1.2, < 3)
    haml (4.0.5)
      tilt
    multipart-post (2.0.0)
    rack (1.5.2)
    rack-protection (1.5.3)
      rack
    sinatra (1.4.5)
      rack (~> 1.4)
      rack-protection (~> 1.4)
      tilt (~> 1.3, >= 1.3.4)
    tilt (1.4.1)

PLATFORMS
  ruby

DEPENDENCIES
  haml
  lionactor!
  sinatra
