GIT
  remote: https://bitbucket.org/rdmond/lionactor
  revision: 32bbb04ae1c075c191294193dc96517d02ee19ab
  specs:
    lionactor (0.0.1)
      faraday

GEM
  remote: https://rubygems.org/
  specs:
    faraday (0.9.0)
      multipart-post (>= 1.2, < 3)
    haml (4.0.2)
      tilt
    multipart-post (2.0.0)
    rack (1.5.2)
    rack-protection (1.5.3)
      rack
    sinatra (1.4.5)
      rack (~> 1.4)
      rack-protection (~> 1.4)
      tilt (~> 1.3, >= 1.3.4)
    tilt (1.4.1)

PLATFORMS
  ruby

DEPENDENCIES
  haml
  lionactor!
  sinatra
